PATH
  remote: .
  specs:
    data_structure_comp (0.1.0)
      data_structure_impl (~> 1)
      data_structure_int (~> 1)

GEM
  remote: https://rubygems.org/
  specs:
    data_structure_impl (1.0.0)
    data_structure_int (1.0.0)
    docile (1.3.2)
    json (2.3.0)
    linked_list_comp (1.0.0)
      linked_list_impl (~> 2)
      linked_list_int (~> 3)
    linked_list_impl (2.0.0)
    linked_list_int (3.0.0)
    minitest (5.14.1)
    node_comp (1.0.0)
      node_impl (~> 4)
      node_int (~> 3)
    node_impl (4.0.0)
    node_int (3.0.0)
    rake (13.0.1)
    simplecov (0.17.1)
      docile (~> 1.1)
      json (>= 1.8, < 3)
      simplecov-html (~> 0.10.0)
    simplecov-html (0.10.2)

PLATFORMS
  ruby

DEPENDENCIES
  bundler (~> 2.1)
  data_structure_comp!
  linked_list_comp (~> 1)
  minitest (~> 5.0)
  node_comp (~> 1)
  rake (~> 13.0)
  simplecov (~> 0)

BUNDLED WITH
   2.1.2
